GEM
  remote: http://rubygems.org/
  specs:
    RedCloth (4.3.2)
    abstract (1.0.0)
    daemons (1.2.4)
    erubis (2.7.0)
    eventmachine (1.2.1)
    file_signature (1.2.0)
    iconv (1.0.4)
    itextomml (1.5.5)
    json (2.0.2)
    maruku (0.7.2)
    mini_portile2 (2.1.0)
    nokogiri (1.7.0)
      mini_portile2 (~> 2.1.0)
    power_assert (0.4.1)
    rack (2.0.1)
    rails_xss (0.5.1)
      erubis (>= 2.6.5)
    rake (12.0.0)
    rdoc (5.0.0)
    rubyzip (1.2.0)
    sqlite3 (1.3.12)
    syntax (1.2.1)
    test-unit (3.2.3)
      power_assert
    thin (1.7.0)
      daemons (~> 1.0, >= 1.0.9)
      eventmachine (~> 1.0, >= 1.0.4)
      rack (>= 1, < 3)
    zip (2.0.2)

PLATFORMS
  ruby

DEPENDENCIES
  RedCloth
  abstract
  erubis
  file_signature
  iconv
  itextomml
  json (= 2.0.2)
  maruku
  nokogiri
  rack
  rails_xss
  rake
  rdoc
  rubyzip
  sqlite3
  syntax
  test-unit
  thin
  zip

BUNDLED WITH
   1.13.7
